GEM
  remote: https://rubygems.org/
  specs:
    kramdown (2.3.0)
      rexml
    pdfkit (0.8.4.3.2)
    rexml (3.2.4)
    wkhtmltopdf-binary (0.12.6.5)

PLATFORMS
  ruby

DEPENDENCIES
  kramdown
  pdfkit
  wkhtmltopdf-binary

BUNDLED WITH
   2.0.1
